GEM
  remote: https://rubygems.org/
  specs:
    chronic (0.9.1)

PLATFORMS
  ruby

DEPENDENCIES
  chronic (~> 0.9.0)

BUNDLED WITH
   1.12.5
